GEM
  remote: https://rubygems.org/
  specs:
    hashie (2.0.5)
    linkedin (0.4.5)
      hashie (>= 1.2, < 2.1)
      multi_json (~> 1.0)
      oauth (~> 0.4)
    mini_portile (0.5.2)
    multi_json (1.8.4)
    nokogiri (1.6.1)
      mini_portile (~> 0.5.0)
    oauth (0.4.7)
    roo (1.13.2)
      nokogiri
      rubyzip
      spreadsheet (> 0.6.4)
    ruby-ole (1.2.11.7)
    rubyzip (1.1.0)
    spreadsheet (0.9.6)
      ruby-ole (>= 1.0)

PLATFORMS
  ruby

DEPENDENCIES
  linkedin
  roo
